GEM
  remote: https://rubygems.org/
  specs:
    nio4r (2.7.0)
    puma (5.6.8)
      nio4r (~> 2.0)
    rack (2.2.8)
    roda (3.77.0)
      rack

PLATFORMS
  x86_64-darwin-23

DEPENDENCIES
  puma (~> 5.0)
  rack (= 2.2.8)
  roda

RUBY VERSION
   ruby 3.1.4p223

BUNDLED WITH
   2.3.26
