GEM
  remote: https://rubygems.org/
  specs:
    daemons (1.4.1)
    eventmachine (1.2.7)
    rack (3.0.9.1)
    roda (3.77.0)
      rack
    thin (1.6.2)
      daemons (>= 1.0.9)
      eventmachine (>= 1.0.0)
      rack (>= 1.0.0)

PLATFORMS
  x86_64-darwin-23

DEPENDENCIES
  roda
  thin

RUBY VERSION
   ruby 3.1.4p223

BUNDLED WITH
   2.3.26
